GEM
  remote: https://rubygems.org/
  specs:
    ffi (1.11.1)
    foreman (0.85.0)
      thor (~> 0.19.1)
    geocoder (1.6.1)
    listen (3.1.5)
      rb-fsevent (~> 0.9, >= 0.9.4)
      rb-inotify (~> 0.9, >= 0.9.7)
      ruby_dep (~> 1.2)
    multi_json (1.15.0)
    mustermann (2.0.2)
      ruby2_keywords (~> 0.0.1)
    rack (2.2.4)
    rack-protection (2.2.3)
      rack
    rb-fsevent (0.10.3)
    rb-inotify (0.10.0)
      ffi (~> 1.0)
    rerun (0.13.0)
      listen (~> 3.0)
    ruby2_keywords (0.0.5)
    ruby_dep (1.5.0)
    sinatra (2.2.3)
      mustermann (~> 2.0)
      rack (~> 2.2)
      rack-protection (= 2.2.3)
      tilt (~> 2.0)
    sinatra-contrib (2.2.3)
      multi_json
      mustermann (~> 2.0)
      rack-protection (= 2.2.3)
      sinatra (= 2.2.3)
      tilt (~> 2.0)
    sinatra-namespace (1.0)
      sinatra-contrib
    thor (0.19.4)
    tilt (2.0.11)

PLATFORMS
  ruby

DEPENDENCIES
  foreman
  geocoder
  rerun
  sinatra
  sinatra-namespace

BUNDLED WITH
   1.16.2
